PATH
  remote: .
  specs:
    github_clawgrabber (0.1.0)
      httparty

GEM
  remote: https://rubygems.org/
  specs:
    addressable (2.5.2)
      public_suffix (>= 2.0.2, < 4.0)
    bundler-audit (0.6.0)
      bundler (~> 1.2)
      thor (~> 0.18)
    crack (0.4.3)
      safe_yaml (~> 1.0.0)
    hashdiff (0.3.7)
    httparty (0.15.6)
      multi_xml (>= 0.5.2)
    minitest (5.11.3)
    multi_xml (0.6.0)
    public_suffix (3.0.1)
    rake (13.0.3)
    ruby_audit (1.2.0)
      bundler-audit (~> 0.6.0)
    safe_yaml (1.0.4)
    thor (0.20.0)
    webmock (3.3.0)
      addressable (>= 2.3.6)
      crack (>= 0.3.2)
      hashdiff

PLATFORMS
  ruby

DEPENDENCIES
  bundler-audit
  github_clawgrabber!
  minitest (~> 5.0)
  rake (~> 13.0)
  ruby_audit
  webmock (~> 3.3.0)

BUNDLED WITH
   1.16.1
